GEM
  remote: https://rubygems.org/
  specs:
    haml (4.0.6)
      tilt
    rack (1.6.0)
    rack-protection (1.5.3)
      rack
    rake (10.4.2)
    sequel (4.20.0)
    sinatra (1.4.6)
      rack (~> 1.4)
      rack-protection (~> 1.4)
      tilt (>= 1.3, < 3)
    sqlite3 (1.3.10)
    tilt (2.0.1)

PLATFORMS
  ruby

DEPENDENCIES
  haml
  rake
  sequel
  sinatra
  sqlite3
